PATH
  remote: vendor/engines
  specs:
    refinerycms-alerts (1.0)
    refinerycms-beer_brands (1.0)
    refinerycms-brewers (1.0)
    refinerycms-donation_requests (1.0)
    refinerycms-events (1.0)
    refinerycms-for_brewers (1.0)
    refinerycms-for_retailers (1.0)
    refinerycms-homepage_images (1.0)
    refinerycms-logos (1.0)
    refinerycms-managements (1.0)
    refinerycms-portfolio_images (1.0)
    refinerycms-regions (1.0)
    refinerycms-whats_new_stories (1.0)

GEM
  remote: http://rubygems.org/
  specs:
    abstract (1.0.0)
    actionmailer (3.0.3)
      actionpack (= 3.0.3)
      mail (~> 2.2.9)
    actionpack (3.0.3)
      activemodel (= 3.0.3)
      activesupport (= 3.0.3)
      builder (~> 2.1.2)
      erubis (~> 2.6.6)
      i18n (~> 0.4)
      rack (~> 1.2.1)
      rack-mount (~> 0.6.13)
      rack-test (~> 0.5.6)
      tzinfo (~> 0.3.23)
    activemodel (3.0.3)
      activesupport (= 3.0.3)
      builder (~> 2.1.2)
      i18n (~> 0.4)
    activerecord (3.0.3)
      activemodel (= 3.0.3)
      activesupport (= 3.0.3)
      arel (~> 2.0.2)
      tzinfo (~> 0.3.23)
    activeresource (3.0.3)
      activemodel (= 3.0.3)
      activesupport (= 3.0.3)
    activesupport (3.0.3)
    acts_as_indexed (0.6.7)
    arel (2.0.10)
    authlogic (2.1.6)
      activesupport
    aws-s3 (0.6.2)
      builder
      mime-types
      xml-simple
    babosa (0.2.2)
    builder (2.1.2)
    dragonfly (0.8.5)
      rack
    erubis (2.6.6)
      abstract (>= 1.0.0)
    excon (0.14.3)
    filters_spam (0.3)
    fog (1.4.0)
      builder
      excon (~> 0.14.0)
      formatador (~> 0.2.0)
      mime-types
      multi_json (~> 1.0)
      net-scp (~> 1.0.4)
      net-ssh (>= 2.1.3)
      nokogiri (~> 1.5.0)
      ruby-hmac
    formatador (0.2.3)
    friendly_id (3.1.8)
      babosa (~> 0.2.0)
    i18n (0.6.0)
    json (1.6.5)
    mail (2.2.19)
      activesupport (>= 2.3.6)
      i18n (>= 0.4.0)
      mime-types (~> 1.16)
      treetop (~> 1.4.8)
    mime-types (1.17.2)
    moretea-awesome_nested_set (1.4.3.1)
      activerecord (~> 3.0.0)
    multi_json (1.3.6)
    net-scp (1.0.4)
      net-ssh (>= 1.99.1)
    net-ssh (2.5.2)
    nokogiri (1.5.5)
    polyglot (0.3.3)
    rack (1.2.5)
    rack-cache (0.5.3)
      rack (>= 0.4)
    rack-mount (0.6.14)
      rack (>= 1.0.0)
    rack-test (0.5.7)
      rack (>= 1.0)
    rails (3.0.3)
      actionmailer (= 3.0.3)
      actionpack (= 3.0.3)
      activerecord (= 3.0.3)
      activeresource (= 3.0.3)
      activesupport (= 3.0.3)
      bundler (~> 1.1.4)
      railties (= 3.0.3)
    railties (3.0.3)
      actionpack (= 3.0.3)
      activesupport (= 3.0.3)
      rake (>= 0.8.7)
      thor (~> 0.14.4)
    rake (0.9.2.2)
    rdoc (3.12)
      json (~> 1.4)
    refinerycms (0.9.8.9)
      acts_as_indexed (~> 0.6.6)
      authlogic (~> 2.1.6)
      bundler (~> 1.1.4)
      dragonfly (~> 0.8.1)
      friendly_id (~> 3.1.6)
      moretea-awesome_nested_set (= 1.4.3.1)
      rack-cache (~> 0.5.2)
      rails (~> 3.0.3)
      rdoc (>= 2.5.11)
      truncate_html (= 0.4)
      will_paginate (~> 3.0.pre)
    refinerycms-i18n (0.9.8.12)
      refinerycms (>= 0.9.8)
      routing-filter (~> 0.1.6)
    refinerycms-inquiries (0.9.9.9)
      filters_spam (~> 0.2)
    rest-client (1.6.7)
      mime-types (>= 1.16)
    rmagick (2.12.2)
    routing-filter (0.1.7)
      actionpack
    ruby-hmac (0.4.0)
    sequel (3.20.0)
    sinatra (1.0)
      rack (>= 1.0)
    sqlite3 (1.3.5)
    taps (0.3.24)
      rack (>= 1.0.1)
      rest-client (>= 1.4.0, < 1.7.0)
      sequel (~> 3.20.0)
      sinatra (~> 1.0.0)
    thor (0.14.6)
    treetop (1.4.10)
      polyglot
      polyglot (>= 0.3.1)
    truncate_html (0.4.0)
    tzinfo (0.3.31)
    will_paginate (3.0.pre)
    xml-simple (1.1.1)

PLATFORMS
  ruby

DEPENDENCIES
  aws-s3
  fog
  rails (= 3.0.3)
  refinerycms (~> 0.9.8.9)
  refinerycms-alerts (= 1.0)!
  refinerycms-beer_brands (= 1.0)!
  refinerycms-brewers (= 1.0)!
  refinerycms-donation_requests (= 1.0)!
  refinerycms-events (= 1.0)!
  refinerycms-for_brewers (= 1.0)!
  refinerycms-for_retailers (= 1.0)!
  refinerycms-homepage_images (= 1.0)!
  refinerycms-i18n (~> 0.9.8.12)
  refinerycms-inquiries (~> 0.9.9.9)
  refinerycms-logos (= 1.0)!
  refinerycms-managements (= 1.0)!
  refinerycms-portfolio_images (= 1.0)!
  refinerycms-regions (= 1.0)!
  refinerycms-whats_new_stories (= 1.0)!
  rmagick (~> 2.12.0)
  sqlite3
  taps
  will_paginate (= 3.0.pre)
